GEM
  remote: http://rubygems.org/
  specs:
    json (1.6.3)
    rack (1.3.5)
    rack-protection (1.1.4)
      rack
    sinatra (1.3.1)
      rack (~> 1.3, >= 1.3.4)
      rack-protection (~> 1.1, >= 1.1.2)
      tilt (~> 1.3, >= 1.3.3)
    tilt (1.3.3)
    whois (2.1.0)

PLATFORMS
  ruby

DEPENDENCIES
  json
  sinatra
  whois
